GEM
  remote: http://rubygems.org/
  specs:
    htmlentities (4.2.3)
    mocha (0.9.10)
      rake
    rake (0.8.7)

PLATFORMS
  ruby

DEPENDENCIES
  htmlentities
  mocha
