GEM
  remote: http://rubygems.org/
  specs:
    qtbindings (4.6.3.2)

PLATFORMS
  ruby

DEPENDENCIES
  qtbindings
