GEM
  remote: http://rubygems.org/
  specs:
    ffi (1.0.10)
    guard (0.8.7)
      thor (~> 0.14.6)
    htmlentities (4.2.3)
    mime-types (1.16)
    mocha (0.9.10)
      rake
    qtbindings (4.6.3.4)
    rake (0.8.7)
    rb-fchange (0.0.5)
      ffi
    rb-fsevent (0.4.3.1)
    rb-inotify (0.8.8)
      ffi (>= 0.5.0)
    rest-client (1.6.1)
      mime-types (>= 1.16)
    thor (0.14.6)

PLATFORMS
  ruby

DEPENDENCIES
  guard
  htmlentities
  mocha
  qtbindings
  rb-fchange
  rb-fsevent
  rb-inotify
  rest-client
